PATH
  remote: .
  specs:
    lpb-medoro (0.2.0)
      nori (~> 2.6)

GEM
  remote: https://rubygems.org/
  specs:
    nori (2.6.0)
    rake (10.5.0)

PLATFORMS
  ruby

DEPENDENCIES
  bundler (~> 1.16)
  lpb-medoro!
  rake (~> 10.0)

BUNDLED WITH
   1.16.1
